GEM
  remote: https://rubygems.org/
  specs:
    coderay (1.0.8)
    method_source (0.8.1)
    pry (0.9.10)
      coderay (~> 1.0.5)
      method_source (~> 0.8)
      slop (~> 3.3.1)
    rake (10.0.3)
    slop (3.3.3)
    terminal-table (1.4.5)

PLATFORMS
  ruby

DEPENDENCIES
  pry
  rake
  terminal-table
